GEM
  remote: https://rubygems.org/
  specs:
    dotenv (0.9.0)
    foreman (0.63.0)
      dotenv (>= 0.7)
      thor (>= 0.13.6)
    mime-types (2.0)
    rest-client (1.6.7)
      mime-types (>= 1.16)
    thor (0.18.1)
    wait (0.5.1)

PLATFORMS
  ruby

DEPENDENCIES
  foreman
  rest-client
  wait
